NUGET
  remote: https://nuget.org/api/v2
  specs:
    DevILSharp (0.0.9)
    FSharp.Compiler.Service (0.0.85)
    FsUnit (1.3.0.1)
      NUnit (>= 2.6.3)
    Microsoft.Bcl.Immutable (1.0.34)
    NUnit (2.6.4)
    RegexProvider (0.0.5)
    Rx-Core (2.2.5)
      Rx-Interfaces (>= 2.2.5)
    Rx-Interfaces (2.2.5)
    Rx-Linq (2.2.5)
      Rx-Core (>= 2.2.5)
      Rx-Interfaces (>= 2.2.5)
    Rx-PlatformServices (2.2.5)
      Rx-Core (>= 2.2.5)
      Rx-Interfaces (>= 2.2.5)
  remote: C:\Users\haaser\Development\deploy\modules\Aardvark.Base\bin
    Aardvark.Base (1.3.2)