RESTRICTION: || (== net461) (== netcoreapp2.0) (== netstandard2.0)
NUGET
  remote: https://vrvis.myget.org/F/aardvark_public/api/v3/index.json
    DevILSharp (0.2.0)
      FSharp.Core (>= 4.1 < 4.2)
    Unofficial.LibTessDotNet (2.0.0)
  remote: https://api.nuget.org/v3/index.json
    FsCheck (2.9.2)
      FSharp.Core (>= 4.1) - restriction: || (== net461) (&& (== netcoreapp2.0) (< netstandard1.6)) (&& (== netstandard2.0) (< netstandard1.6))
      FSharp.Core (>= 4.1.18) - restriction: || (&& (== net461) (>= netstandard1.6)) (== netcoreapp2.0) (== netstandard2.0)
      NETStandard.Library (>= 1.6.1) - restriction: || (&& (== net461) (>= netstandard1.6)) (== netcoreapp2.0) (== netstandard2.0)
    FsCheck.NUnit (2.9.2)
      FsCheck (>= 2.9.2)
      FSharp.Core (>= 4.1.18) - restriction: || (&& (== net461) (>= netstandard1.6)) (== netcoreapp2.0) (== netstandard2.0)
      NETStandard.Library (>= 1.6.1) - restriction: || (&& (== net461) (>= netstandard1.6)) (== netcoreapp2.0) (== netstandard2.0)
      NUnit (>= 3.6.1) - restriction: || (&& (== net461) (>= netstandard1.6)) (== netcoreapp2.0) (== netstandard2.0)
      NUnit (>= 3.6.1 < 3.7) - restriction: || (== net461) (&& (== netcoreapp2.0) (< netstandard1.6)) (&& (== netstandard2.0) (< netstandard1.6))
    FSharp.Core (4.1.18)
      System.Collections (>= 4.0.11) - restriction: || (&& (== net461) (< net20) (>= netstandard1.6)) (== netcoreapp2.0) (== netstandard2.0)
      System.Console (>= 4.0) - restriction: || (&& (== net461) (< net20) (>= netstandard1.6)) (== netcoreapp2.0) (== netstandard2.0)
      System.Diagnostics.Debug (>= 4.0.11) - restriction: || (&& (== net461) (< net20) (>= netstandard1.6)) (== netcoreapp2.0) (== netstandard2.0)
      System.Diagnostics.Tools (>= 4.0.1) - restriction: || (&& (== net461) (< net20) (>= netstandard1.6)) (== netcoreapp2.0) (== netstandard2.0)
      System.Globalization (>= 4.0.11) - restriction: || (&& (== net461) (< net20) (>= netstandard1.6)) (== netcoreapp2.0) (== netstandard2.0)
      System.IO (>= 4.1) - restriction: || (&& (== net461) (< net20) (>= netstandard1.6)) (== netcoreapp2.0) (== netstandard2.0)
      System.Linq (>= 4.1) - restriction: || (&& (== net461) (< net20) (>= netstandard1.6)) (== netcoreapp2.0) (== netstandard2.0)
      System.Linq.Expressions (>= 4.1) - restriction: || (&& (== net461) (< net20) (>= netstandard1.6)) (== netcoreapp2.0) (== netstandard2.0)
      System.Linq.Queryable (>= 4.0.1) - restriction: || (&& (== net461) (< net20) (>= netstandard1.6)) (== netcoreapp2.0) (== netstandard2.0)
      System.Net.Requests (>= 4.0.11) - restriction: || (&& (== net461) (< net20) (>= netstandard1.6)) (== netcoreapp2.0) (== netstandard2.0)
      System.Reflection (>= 4.1) - restriction: || (&& (== net461) (< net20) (>= netstandard1.6)) (== netcoreapp2.0) (== netstandard2.0)
      System.Reflection.Extensions (>= 4.0.1) - restriction: || (&& (== net461) (< net20) (>= netstandard1.6)) (== netcoreapp2.0) (== netstandard2.0)
      System.Resources.ResourceManager (>= 4.0.1) - restriction: || (&& (== net461) (< net20) (>= netstandard1.6)) (== netcoreapp2.0) (== netstandard2.0)
      System.Runtime (>= 4.1) - restriction: || (&& (== net461) (< net20) (>= netstandard1.6)) (== netcoreapp2.0) (== netstandard2.0)
      System.Runtime.Extensions (>= 4.1) - restriction: || (&& (== net461) (< net20) (>= netstandard1.6)) (== netcoreapp2.0) (== netstandard2.0)
      System.Runtime.Numerics (>= 4.0.1) - restriction: || (&& (== net461) (< net20) (>= netstandard1.6)) (== netcoreapp2.0) (== netstandard2.0)
      System.Text.RegularExpressions (>= 4.1) - restriction: || (&& (== net461) (< net20) (>= netstandard1.6)) (== netcoreapp2.0) (== netstandard2.0)
      System.Threading (>= 4.0.11) - restriction: || (&& (== net461) (< net20) (>= netstandard1.6)) (== netcoreapp2.0) (== netstandard2.0)
      System.Threading.Tasks (>= 4.0.11) - restriction: || (&& (== net461) (< net20) (>= netstandard1.6)) (== netcoreapp2.0) (== netstandard2.0)
      System.Threading.Tasks.Parallel (>= 4.0.1) - restriction: || (&& (== net461) (< net20) (>= netstandard1.6)) (== netcoreapp2.0) (== netstandard2.0)
      System.Threading.Thread (>= 4.0) - restriction: || (&& (== net461) (< net20) (>= netstandard1.6)) (== netcoreapp2.0) (== netstandard2.0)
      System.Threading.ThreadPool (>= 4.0.10) - restriction: || (&& (== net461) (< net20) (>= netstandard1.6)) (== netcoreapp2.0) (== netstandard2.0)
      System.Threading.Timer (>= 4.0.1) - restriction: || (&& (== net461) (< net20) (>= netstandard1.6)) (== netcoreapp2.0) (== netstandard2.0)
    FsUnit (3.0)
      FSharp.Core (>= 3.1.2.5) - restriction: || (== net461) (&& (== netcoreapp2.0) (< netstandard1.6)) (&& (== netstandard2.0) (< netstandard1.6))
      FSharp.Core (>= 4.1) - restriction: || (&& (== net461) (>= netstandard1.6)) (== netcoreapp2.0) (== netstandard2.0)
      NETStandard.Library (>= 1.6) - restriction: || (&& (== net461) (>= netstandard1.6)) (== netcoreapp2.0) (== netstandard2.0)
      NUnit (>= 3.6)
    Microsoft.NETCore.Platforms (2.0) - restriction: || (== net461) (&& (== netcoreapp2.0) (>= monotouch)) (&& (== netcoreapp2.0) (< netstandard1.0)) (&& (== netcoreapp2.0) (< netstandard1.3)) (&& (== netcoreapp2.0) (< netstandard1.4)) (&& (== netcoreapp2.0) (< netstandard1.5)) (&& (== netcoreapp2.0) (< netstandard1.6)) (&& (== netcoreapp2.0) (< netstandard2.0)) (&& (== netcoreapp2.0) (< portable-net45+win8+wpa81)) (&& (== netcoreapp2.0) (< portable-net451+win81+wpa81)) (&& (== netcoreapp2.0) (>= xamarinios)) (&& (== netcoreapp2.0) (>= xamarinmac)) (&& (== netcoreapp2.0) (>= xamarintvos)) (&& (== netcoreapp2.0) (>= xamarinwatchos))
    Microsoft.NETCore.Targets (2.0) - restriction: || (&& (== net461) (>= dnxcore50)) (&& (== net461) (< net45)) (== netcoreapp2.0) (== netstandard2.0)
    NETStandard.Library (2.0) - restriction: || (== net461) (&& (== netcoreapp2.0) (< netstandard2.0))
      Microsoft.NETCore.Platforms (>= 1.1)
    NUnit (3.6.1)
      NETStandard.Library (>= 1.6) - restriction: || (&& (== net461) (>= netstandard1.6)) (== netcoreapp2.0) (== netstandard2.0)
      System.Runtime.Loader (>= 4.0) - restriction: || (&& (== net461) (>= netstandard1.6)) (== netcoreapp2.0) (== netstandard2.0)
    runtime.debian.8-x64.runtime.native.System.Security.Cryptography.OpenSsl (4.3.2) - restriction: || (&& (== net461) (>= dnxcore50) (>= netstandard1.6)) (&& (== net461) (< net20) (>= netstandard1.6)) (== netcoreapp2.0) (== netstandard2.0)
    runtime.fedora.23-x64.runtime.native.System.Security.Cryptography.OpenSsl (4.3.2) - restriction: || (&& (== net461) (>= dnxcore50) (>= netstandard1.6)) (&& (== net461) (< net20) (>= netstandard1.6)) (== netcoreapp2.0) (== netstandard2.0)
    runtime.fedora.24-x64.runtime.native.System.Security.Cryptography.OpenSsl (4.3.2) - restriction: || (&& (== net461) (>= dnxcore50) (>= netstandard1.6)) (&& (== net461) (< net20) (>= netstandard1.6)) (== netcoreapp2.0) (== netstandard2.0)
    runtime.native.System (4.3) - restriction: || (&& (== net461) (>= dnxcore50) (>= netstandard1.6)) (&& (== net461) (< net20) (>= netstandard1.6)) (== netcoreapp2.0) (== netstandard2.0)
      Microsoft.NETCore.Platforms (>= 1.1)
      Microsoft.NETCore.Targets (>= 1.1)
    runtime.native.System.Net.Http (4.3) - restriction: || (&& (== net461) (>= dnxcore50) (>= netstandard1.6)) (&& (== net461) (< net20) (>= netstandard1.6)) (== netcoreapp2.0) (== netstandard2.0)
      Microsoft.NETCore.Platforms (>= 1.1)
      Microsoft.NETCore.Targets (>= 1.1)
    runtime.native.System.Security.Cryptography.Apple (4.3.1) - restriction: || (&& (== net461) (>= dnxcore50) (>= netstandard1.6)) (&& (== net461) (< net20) (>= netstandard1.6)) (== netcoreapp2.0) (== netstandard2.0)
      runtime.osx.10.10-x64.runtime.native.System.Security.Cryptography.Apple (>= 4.3.1)
    runtime.native.System.Security.Cryptography.OpenSsl (4.3.2) - restriction: || (&& (== net461) (>= dnxcore50) (>= netstandard1.6)) (&& (== net461) (< net20) (>= netstandard1.6)) (== netcoreapp2.0) (== netstandard2.0)
      runtime.debian.8-x64.runtime.native.System.Security.Cryptography.OpenSsl (>= 4.3.2)
      runtime.fedora.23-x64.runtime.native.System.Security.Cryptography.OpenSsl (>= 4.3.2)
      runtime.fedora.24-x64.runtime.native.System.Security.Cryptography.OpenSsl (>= 4.3.2)
      runtime.opensuse.13.2-x64.runtime.native.System.Security.Cryptography.OpenSsl (>= 4.3.2)
      runtime.opensuse.42.1-x64.runtime.native.System.Security.Cryptography.OpenSsl (>= 4.3.2)
      runtime.osx.10.10-x64.runtime.native.System.Security.Cryptography.OpenSsl (>= 4.3.2)
      runtime.rhel.7-x64.runtime.native.System.Security.Cryptography.OpenSsl (>= 4.3.2)
      runtime.ubuntu.14.04-x64.runtime.native.System.Security.Cryptography.OpenSsl (>= 4.3.2)
      runtime.ubuntu.16.04-x64.runtime.native.System.Security.Cryptography.OpenSsl (>= 4.3.2)
      runtime.ubuntu.16.10-x64.runtime.native.System.Security.Cryptography.OpenSsl (>= 4.3.2)
    runtime.opensuse.13.2-x64.runtime.native.System.Security.Cryptography.OpenSsl (4.3.2) - restriction: || (&& (== net461) (>= dnxcore50) (>= netstandard1.6)) (&& (== net461) (< net20) (>= netstandard1.6)) (== netcoreapp2.0) (== netstandard2.0)
    runtime.opensuse.42.1-x64.runtime.native.System.Security.Cryptography.OpenSsl (4.3.2) - restriction: || (&& (== net461) (>= dnxcore50) (>= netstandard1.6)) (&& (== net461) (< net20) (>= netstandard1.6)) (== netcoreapp2.0) (== netstandard2.0)
    runtime.osx.10.10-x64.runtime.native.System.Security.Cryptography.Apple (4.3.1) - restriction: || (&& (== net461) (>= dnxcore50) (>= netstandard1.6)) (&& (== net461) (< net20) (>= netstandard1.6)) (== netcoreapp2.0) (== netstandard2.0)
    runtime.osx.10.10-x64.runtime.native.System.Security.Cryptography.OpenSsl (4.3.2) - restriction: || (&& (== net461) (>= dnxcore50) (>= netstandard1.6)) (&& (== net461) (< net20) (>= netstandard1.6)) (== netcoreapp2.0) (== netstandard2.0)
    runtime.rhel.7-x64.runtime.native.System.Security.Cryptography.OpenSsl (4.3.2) - restriction: || (&& (== net461) (>= dnxcore50) (>= netstandard1.6)) (&& (== net461) (< net20) (>= netstandard1.6)) (== netcoreapp2.0) (== netstandard2.0)
    runtime.ubuntu.14.04-x64.runtime.native.System.Security.Cryptography.OpenSsl (4.3.2) - restriction: || (&& (== net461) (>= dnxcore50) (>= netstandard1.6)) (&& (== net461) (< net20) (>= netstandard1.6)) (== netcoreapp2.0) (== netstandard2.0)
    runtime.ubuntu.16.04-x64.runtime.native.System.Security.Cryptography.OpenSsl (4.3.2) - restriction: || (&& (== net461) (>= dnxcore50) (>= netstandard1.6)) (&& (== net461) (< net20) (>= netstandard1.6)) (== netcoreapp2.0) (== netstandard2.0)
    runtime.ubuntu.16.10-x64.runtime.native.System.Security.Cryptography.OpenSsl (4.3.2) - restriction: || (&& (== net461) (>= dnxcore50) (>= netstandard1.6)) (&& (== net461) (< net20) (>= netstandard1.6)) (== netcoreapp2.0) (== netstandard2.0)
    System.Collections (4.3) - restriction: || (&& (== net461) (>= dnxcore50)) (&& (== net461) (< net45)) (== netcoreapp2.0) (== netstandard2.0)
      Microsoft.NETCore.Platforms (>= 1.1) - restriction: || (&& (== net461) (>= dnxcore50)) (&& (== net461) (< net45)) (== netcoreapp2.0) (== netstandard2.0)
      Microsoft.NETCore.Targets (>= 1.1) - restriction: || (&& (== net461) (>= dnxcore50)) (&& (== net461) (< net45)) (== netcoreapp2.0) (== netstandard2.0)
      System.Runtime (>= 4.3) - restriction: || (&& (== net461) (>= dnxcore50)) (&& (== net461) (< net45)) (== netcoreapp2.0) (== netstandard2.0)
    System.Collections.Concurrent (4.3) - restriction: || (&& (== net461) (>= dnxcore50) (>= netstandard1.6)) (&& (== net461) (< net20) (>= netstandard1.6)) (== netcoreapp2.0) (== netstandard2.0)
      System.Collections (>= 4.3) - restriction: || (&& (== net461) (>= dnxcore50)) (&& (== net461) (< net45)) (== netcoreapp2.0) (== netstandard2.0)
      System.Diagnostics.Debug (>= 4.3) - restriction: || (&& (== net461) (>= dnxcore50)) (&& (== net461) (< net45)) (== netcoreapp2.0) (== netstandard2.0)
      System.Diagnostics.Tracing (>= 4.3) - restriction: || (&& (== net461) (>= dnxcore50)) (&& (== net461) (< net45)) (== netcoreapp2.0) (== netstandard2.0)
      System.Globalization (>= 4.3) - restriction: || (&& (== net461) (>= dnxcore50)) (&& (== net461) (< net45)) (== netcoreapp2.0) (== netstandard2.0)
      System.Reflection (>= 4.3) - restriction: || (&& (== net461) (< net45)) (== netcoreapp2.0) (== netstandard2.0)
      System.Resources.ResourceManager (>= 4.3) - restriction: || (&& (== net461) (>= dnxcore50)) (&& (== net461) (< net45)) (== netcoreapp2.0) (== netstandard2.0)
      System.Runtime (>= 4.3) - restriction: || (&& (== net461) (>= dnxcore50)) (&& (== net461) (< net45)) (== netcoreapp2.0) (== netstandard2.0)
      System.Runtime.Extensions (>= 4.3) - restriction: || (&& (== net461) (>= dnxcore50)) (&& (== net461) (< net45)) (== netcoreapp2.0) (== netstandard2.0)
      System.Threading (>= 4.3) - restriction: || (&& (== net461) (>= dnxcore50)) (&& (== net461) (< net45)) (== netcoreapp2.0) (== netstandard2.0)
      System.Threading.Tasks (>= 4.3) - restriction: || (&& (== net461) (>= dnxcore50)) (&& (== net461) (< net45)) (== netcoreapp2.0) (== netstandard2.0)
    System.Collections.Immutable (1.4)
      NETStandard.Library (>= 1.6.1) - restriction: || (== net461) (&& (== netcoreapp2.0) (< netstandard2.0))
    System.ComponentModel (4.3) - restriction: || (&& (== net461) (< net45)) (== netcoreapp2.0) (== netstandard2.0)
      System.Runtime (>= 4.3) - restriction: || (&& (== net461) (>= dnxcore50)) (&& (== net461) (< net45)) (== netcoreapp2.0) (== netstandard2.0)
    System.Console (4.3) - restriction: || (&& (== net461) (< net20) (>= netstandard1.6)) (== netcoreapp2.0) (== netstandard2.0)
      Microsoft.NETCore.Platforms (>= 1.1) - restriction: || (&& (== net461) (< net46)) (== netcoreapp2.0) (== netstandard2.0)
      Microsoft.NETCore.Targets (>= 1.1) - restriction: || (&& (== net461) (< net46)) (== netcoreapp2.0) (== netstandard2.0)
      System.IO (>= 4.3) - restriction: || (&& (== net461) (< net46)) (== netcoreapp2.0) (== netstandard2.0)
      System.Runtime (>= 4.3) - restriction: || (&& (== net461) (< net46)) (== netcoreapp2.0) (== netstandard2.0)
      System.Text.Encoding (>= 4.3) - restriction: || (&& (== net461) (< net46)) (== netcoreapp2.0) (== netstandard2.0)
    System.Diagnostics.Contracts (4.3) - restriction: || (&& (== net461) (< net45)) (== netcoreapp2.0) (== netstandard2.0)
      System.Runtime (>= 4.3) - restriction: || (&& (== net461) (>= dnxcore50)) (&& (== net461) (< net45)) (== netcoreapp2.0) (== netstandard2.0)
    System.Diagnostics.Debug (4.3) - restriction: || (&& (== net461) (>= dnxcore50)) (&& (== net461) (< net45)) (== netcoreapp2.0) (== netstandard2.0)
      Microsoft.NETCore.Platforms (>= 1.1) - restriction: || (&& (== net461) (>= dnxcore50)) (&& (== net461) (< net45)) (== netcoreapp2.0) (== netstandard2.0)
      Microsoft.NETCore.Targets (>= 1.1) - restriction: || (&& (== net461) (>= dnxcore50)) (&& (== net461) (< net45)) (== netcoreapp2.0) (== netstandard2.0)
      System.Runtime (>= 4.3) - restriction: || (&& (== net461) (>= dnxcore50)) (&& (== net461) (< net45)) (== netcoreapp2.0) (== netstandard2.0)
    System.Diagnostics.DiagnosticSource (4.4.1) - restriction: || (&& (== net461) (>= dnxcore50) (>= netstandard1.6)) (&& (== net461) (< net20) (>= netstandard1.6)) (== netcoreapp2.0) (== netstandard2.0)
      System.Collections (>= 4.3) - restriction: || (&& (== net461) (< net45)) (&& (== netcoreapp2.0) (< netstandard1.3)) (== netstandard2.0)
      System.Diagnostics.Debug (>= 4.3) - restriction: || (&& (== net461) (< net45)) (== netstandard2.0)
      System.Diagnostics.Tracing (>= 4.3) - restriction: || (&& (== net461) (< net45)) (&& (== netcoreapp2.0) (< netstandard1.3)) (== netstandard2.0)
      System.Reflection (>= 4.3) - restriction: || (&& (== net461) (< net45)) (&& (== netcoreapp2.0) (< netstandard1.3)) (== netstandard2.0)
      System.Runtime (>= 4.3) - restriction: || (&& (== net461) (< net45)) (&& (== netcoreapp2.0) (< netstandard1.3)) (== netstandard2.0)
      System.Runtime.Extensions (>= 4.3) - restriction: || (&& (== net461) (< net45)) (== netstandard2.0)
      System.Threading (>= 4.3) - restriction: || (&& (== net461) (< net45)) (&& (== netcoreapp2.0) (< netstandard1.3)) (== netstandard2.0)
    System.Diagnostics.Tools (4.3) - restriction: || (&& (== net461) (< net20) (>= netstandard1.6)) (== netcoreapp2.0) (== netstandard2.0)
      Microsoft.NETCore.Platforms (>= 1.1) - restriction: || (&& (== net461) (>= dnxcore50)) (&& (== net461) (< net45)) (== netcoreapp2.0) (== netstandard2.0)
      Microsoft.NETCore.Targets (>= 1.1) - restriction: || (&& (== net461) (>= dnxcore50)) (&& (== net461) (< net45)) (== netcoreapp2.0) (== netstandard2.0)
      System.Runtime (>= 4.3) - restriction: || (&& (== net461) (>= dnxcore50)) (&& (== net461) (< net45)) (== netcoreapp2.0) (== netstandard2.0)
    System.Diagnostics.Tracing (4.3) - restriction: || (&& (== net461) (>= dnxcore50) (>= netstandard1.6)) (&& (== net461) (< net20) (>= netstandard1.6)) (== netcoreapp2.0) (== netstandard2.0)
      Microsoft.NETCore.Platforms (>= 1.1) - restriction: || (&& (== net461) (>= dnxcore50)) (&& (== net461) (< net45)) (== netcoreapp2.0) (== netstandard2.0)
      Microsoft.NETCore.Targets (>= 1.1) - restriction: || (&& (== net461) (>= dnxcore50)) (&& (== net461) (< net45)) (== netcoreapp2.0) (== netstandard2.0)
      System.Runtime (>= 4.3) - restriction: || (&& (== net461) (>= dnxcore50)) (&& (== net461) (< net45)) (== netcoreapp2.0) (== netstandard2.0)
    System.Dynamic.Runtime (4.3) - restriction: || (&& (== net461) (< net45)) (== netcoreapp2.0) (== netstandard2.0)
      System.Collections (>= 4.3) - restriction: || (&& (== net461) (>= dnxcore50)) (&& (== net461) (< net45)) (== netcoreapp2.0) (== netstandard2.0)
      System.Diagnostics.Debug (>= 4.3) - restriction: || (&& (== net461) (>= dnxcore50)) (&& (== net461) (< net45)) (== netcoreapp2.0) (== netstandard2.0)
      System.Linq (>= 4.3) - restriction: || (&& (== net461) (>= dnxcore50)) (&& (== net461) (< net45)) (== netcoreapp2.0) (== netstandard2.0)
      System.Linq.Expressions (>= 4.3) - restriction: || (&& (== net461) (>= dnxcore50)) (&& (== net461) (< net45)) (== netcoreapp2.0) (== netstandard2.0)
      System.ObjectModel (>= 4.3) - restriction: || (&& (== net461) (>= dnxcore50)) (&& (== net461) (< net45)) (== netcoreapp2.0) (== netstandard2.0)
      System.Reflection (>= 4.3) - restriction: || (&& (== net461) (>= dnxcore50)) (&& (== net461) (< net45)) (== netcoreapp2.0) (== netstandard2.0)
      System.Reflection.Emit (>= 4.3) - restriction: || (&& (== net461) (< net45)) (== netcoreapp2.0) (== netstandard2.0)
      System.Reflection.Emit.ILGeneration (>= 4.3) - restriction: || (&& (== net461) (< net45)) (== netcoreapp2.0) (== netstandard2.0)
      System.Reflection.Primitives (>= 4.3) - restriction: || (&& (== net461) (< net45)) (== netcoreapp2.0) (== netstandard2.0)
      System.Reflection.TypeExtensions (>= 4.3) - restriction: || (&& (== net461) (>= dnxcore50)) (&& (== net461) (< net45)) (== netcoreapp2.0) (== netstandard2.0)
      System.Resources.ResourceManager (>= 4.3) - restriction: || (&& (== net461) (>= dnxcore50)) (&& (== net461) (< net45)) (== netcoreapp2.0) (== netstandard2.0)
      System.Runtime (>= 4.3) - restriction: || (&& (== net461) (>= dnxcore50)) (&& (== net461) (< net45)) (== netcoreapp2.0) (== netstandard2.0)
      System.Runtime.Extensions (>= 4.3) - restriction: || (&& (== net461) (>= dnxcore50)) (&& (== net461) (< net45)) (== netcoreapp2.0) (== netstandard2.0)
      System.Threading (>= 4.3) - restriction: || (&& (== net461) (>= dnxcore50)) (&& (== net461) (< net45)) (== netcoreapp2.0) (== netstandard2.0)
    System.Globalization (4.3) - restriction: || (&& (== net461) (< net20) (>= netstandard1.6)) (== netcoreapp2.0) (== netstandard2.0)
      Microsoft.NETCore.Platforms (>= 1.1) - restriction: || (&& (== net461) (>= dnxcore50)) (&& (== net461) (< net45)) (== netcoreapp2.0) (== netstandard2.0)
      Microsoft.NETCore.Targets (>= 1.1) - restriction: || (&& (== net461) (>= dnxcore50)) (&& (== net461) (< net45)) (== netcoreapp2.0) (== netstandard2.0)
      System.Runtime (>= 4.3) - restriction: || (&& (== net461) (>= dnxcore50)) (&& (== net461) (< net45)) (== netcoreapp2.0) (== netstandard2.0)
    System.Globalization.Calendars (4.3) - restriction: || (&& (== net461) (>= dnxcore50) (>= netstandard1.6)) (&& (== net461) (< net20) (>= netstandard1.6)) (== netcoreapp2.0) (== netstandard2.0)
      Microsoft.NETCore.Platforms (>= 1.1) - restriction: || (&& (== net461) (< net46)) (== netcoreapp2.0) (== netstandard2.0)
      Microsoft.NETCore.Targets (>= 1.1) - restriction: || (&& (== net461) (< net46)) (== netcoreapp2.0) (== netstandard2.0)
      System.Globalization (>= 4.3) - restriction: || (&& (== net461) (< net46)) (== netcoreapp2.0) (== netstandard2.0)
      System.Runtime (>= 4.3) - restriction: || (&& (== net461) (< net46)) (== netcoreapp2.0) (== netstandard2.0)
    System.Globalization.Extensions (4.3) - restriction: || (&& (== net461) (>= dnxcore50) (>= netstandard1.6)) (&& (== net461) (< net20) (>= netstandard1.6)) (== netcoreapp2.0) (== netstandard2.0)
      Microsoft.NETCore.Platforms (>= 1.1) - restriction: || (&& (== net461) (< net46)) (== netcoreapp2.0) (== netstandard2.0)
      System.Globalization (>= 4.3) - restriction: || (&& (== net461) (< net46)) (== netcoreapp2.0) (== netstandard2.0)
      System.Resources.ResourceManager (>= 4.3) - restriction: || (&& (== net461) (< net46)) (== netcoreapp2.0) (== netstandard2.0)
      System.Runtime (>= 4.3) - restriction: || (&& (== net461) (< net46)) (== netcoreapp2.0) (== netstandard2.0)
      System.Runtime.Extensions (>= 4.3) - restriction: || (&& (== net461) (< net46)) (== netcoreapp2.0) (== netstandard2.0)
      System.Runtime.InteropServices (>= 4.3) - restriction: || (&& (== net461) (< net46)) (== netcoreapp2.0) (== netstandard2.0)
    System.IO (4.3) - restriction: || (&& (== net461) (< net45)) (== netcoreapp2.0) (== netstandard2.0)
      Microsoft.NETCore.Platforms (>= 1.1) - restriction: || (&& (== net461) (>= dnxcore50)) (&& (== net461) (< net45)) (== netcoreapp2.0) (== netstandard2.0)
      Microsoft.NETCore.Targets (>= 1.1) - restriction: || (&& (== net461) (>= dnxcore50)) (&& (== net461) (< net45)) (== netcoreapp2.0) (== netstandard2.0)
      System.Runtime (>= 4.3) - restriction: || (&& (== net461) (>= dnxcore50)) (&& (== net461) (< net45)) (== netcoreapp2.0) (== netstandard2.0)
      System.Text.Encoding (>= 4.3) - restriction: || (&& (== net461) (>= dnxcore50)) (&& (== net461) (< net45)) (== netcoreapp2.0) (== netstandard2.0)
      System.Threading.Tasks (>= 4.3) - restriction: || (&& (== net461) (>= dnxcore50)) (&& (== net461) (< net45)) (== netcoreapp2.0) (== netstandard2.0)
    System.IO.FileSystem (4.3) - restriction: || (&& (== net461) (>= dnxcore50) (>= netstandard1.6)) (&& (== net461) (< net20) (>= netstandard1.6)) (== netcoreapp2.0) (== netstandard2.0)
      Microsoft.NETCore.Platforms (>= 1.1) - restriction: || (&& (== net461) (< net46)) (== netcoreapp2.0) (== netstandard2.0)
      Microsoft.NETCore.Targets (>= 1.1) - restriction: || (&& (== net461) (< net46)) (== netcoreapp2.0) (== netstandard2.0)
      System.IO (>= 4.3) - restriction: || (&& (== net461) (< net46)) (== netcoreapp2.0) (== netstandard2.0)
      System.IO.FileSystem.Primitives (>= 4.3)
      System.Runtime (>= 4.3) - restriction: || (&& (== net461) (< net46)) (== netcoreapp2.0) (== netstandard2.0)
      System.Runtime.Handles (>= 4.3) - restriction: || (&& (== net461) (< net46)) (== netcoreapp2.0) (== netstandard2.0)
      System.Text.Encoding (>= 4.3) - restriction: || (&& (== net461) (< net46)) (== netcoreapp2.0) (== netstandard2.0)
      System.Threading.Tasks (>= 4.3) - restriction: || (&& (== net461) (< net46)) (== netcoreapp2.0) (== netstandard2.0)
    System.IO.FileSystem.Primitives (4.3) - restriction: || (&& (== net461) (>= dnxcore50) (>= netstandard1.6)) (&& (== net461) (< net20) (>= netstandard1.6)) (== netcoreapp2.0) (== netstandard2.0)
      System.Runtime (>= 4.3) - restriction: || (&& (== net461) (< net46)) (== netcoreapp2.0) (== netstandard2.0)
    System.Linq (4.3) - restriction: || (&& (== net461) (>= dnxcore50)) (&& (== net461) (< net45)) (== netcoreapp2.0) (== netstandard2.0)
      System.Collections (>= 4.3) - restriction: || (&& (== net461) (>= dnxcore50)) (&& (== net461) (< net45)) (== netcoreapp2.0) (== netstandard2.0)
      System.Diagnostics.Debug (>= 4.3) - restriction: || (&& (== net461) (>= dnxcore50)) (&& (== net461) (< net45) (>= netstandard1.6)) (== netcoreapp2.0) (== netstandard2.0)
      System.Resources.ResourceManager (>= 4.3) - restriction: || (&& (== net461) (>= dnxcore50)) (&& (== net461) (< net45) (>= netstandard1.6)) (== netcoreapp2.0) (== netstandard2.0)
      System.Runtime (>= 4.3) - restriction: || (&& (== net461) (>= dnxcore50)) (&& (== net461) (< net45)) (== netcoreapp2.0) (== netstandard2.0)
      System.Runtime.Extensions (>= 4.3) - restriction: || (&& (== net461) (>= dnxcore50)) (&& (== net461) (< net45) (>= netstandard1.6)) (== netcoreapp2.0) (== netstandard2.0)
    System.Linq.Expressions (4.3) - restriction: || (&& (== net461) (>= dnxcore50)) (&& (== net461) (< net45)) (== netcoreapp2.0) (== netstandard2.0)
      System.Collections (>= 4.3) - restriction: || (&& (== net461) (>= dnxcore50)) (&& (== net461) (< net45) (>= netstandard1.6)) (== netcoreapp2.0) (== netstandard2.0)
      System.Diagnostics.Debug (>= 4.3) - restriction: || (&& (== net461) (>= dnxcore50)) (&& (== net461) (< net45) (>= netstandard1.6)) (== netcoreapp2.0) (== netstandard2.0)
      System.Globalization (>= 4.3) - restriction: || (&& (== net461) (>= dnxcore50)) (&& (== net461) (< net45) (>= netstandard1.6)) (== netcoreapp2.0) (== netstandard2.0)
      System.IO (>= 4.3) - restriction: || (&& (== net461) (>= dnxcore50)) (&& (== net461) (< net45) (>= netstandard1.6)) (== netcoreapp2.0) (== netstandard2.0)
      System.Linq (>= 4.3) - restriction: || (&& (== net461) (>= dnxcore50)) (&& (== net461) (< net45) (>= netstandard1.6)) (== netcoreapp2.0) (== netstandard2.0)
      System.ObjectModel (>= 4.3) - restriction: || (&& (== net461) (< net45) (>= netstandard1.6)) (== netcoreapp2.0) (== netstandard2.0)
      System.Reflection (>= 4.3) - restriction: || (&& (== net461) (>= dnxcore50)) (&& (== net461) (< net45)) (== netcoreapp2.0) (== netstandard2.0)
      System.Reflection.Emit (>= 4.3) - restriction: || (&& (== net461) (< net45) (>= netstandard1.6)) (== netcoreapp2.0) (== netstandard2.0)
      System.Reflection.Emit.ILGeneration (>= 4.3) - restriction: || (&& (== net461) (>= dnxcore50)) (&& (== net461) (< net45) (>= netstandard1.6)) (== netcoreapp2.0) (== netstandard2.0)
      System.Reflection.Emit.Lightweight (>= 4.3) - restriction: || (&& (== net461) (>= dnxcore50)) (&& (== net461) (< net45) (>= netstandard1.6)) (== netcoreapp2.0) (== netstandard2.0)
      System.Reflection.Extensions (>= 4.3) - restriction: || (&& (== net461) (>= dnxcore50)) (&& (== net461) (< net45) (>= netstandard1.6)) (== netcoreapp2.0) (== netstandard2.0)
      System.Reflection.Primitives (>= 4.3) - restriction: || (&& (== net461) (>= dnxcore50)) (&& (== net461) (< net45) (>= netstandard1.6)) (== netcoreapp2.0) (== netstandard2.0)
      System.Reflection.TypeExtensions (>= 4.3) - restriction: || (&& (== net461) (>= dnxcore50)) (&& (== net461) (< net45) (>= netstandard1.6)) (== netcoreapp2.0) (== netstandard2.0)
      System.Resources.ResourceManager (>= 4.3) - restriction: || (&& (== net461) (>= dnxcore50)) (&& (== net461) (< net45) (>= netstandard1.6)) (== netcoreapp2.0) (== netstandard2.0)
      System.Runtime (>= 4.3) - restriction: || (&& (== net461) (>= dnxcore50)) (&& (== net461) (< net45)) (== netcoreapp2.0) (== netstandard2.0)
      System.Runtime.Extensions (>= 4.3) - restriction: || (&& (== net461) (>= dnxcore50)) (&& (== net461) (< net45) (>= netstandard1.6)) (== netcoreapp2.0) (== netstandard2.0)
      System.Threading (>= 4.3) - restriction: || (&& (== net461) (>= dnxcore50)) (&& (== net461) (< net45) (>= netstandard1.6)) (== netcoreapp2.0) (== netstandard2.0)
    System.Linq.Queryable (4.3) - restriction: || (&& (== net461) (< net45)) (== netcoreapp2.0) (== netstandard2.0)
      System.Collections (>= 4.3) - restriction: || (&& (== net461) (>= dnxcore50)) (&& (== net461) (< net45)) (== netcoreapp2.0) (== netstandard2.0)
      System.Diagnostics.Debug (>= 4.3) - restriction: || (&& (== net461) (>= dnxcore50)) (&& (== net461) (< net45)) (== netcoreapp2.0) (== netstandard2.0)
      System.Linq (>= 4.3) - restriction: || (&& (== net461) (>= dnxcore50)) (&& (== net461) (< net45)) (== netcoreapp2.0) (== netstandard2.0)
      System.Linq.Expressions (>= 4.3) - restriction: || (&& (== net461) (>= dnxcore50)) (&& (== net461) (< net45)) (== netcoreapp2.0) (== netstandard2.0)
      System.Reflection (>= 4.3) - restriction: || (&& (== net461) (>= dnxcore50)) (&& (== net461) (< net45)) (== netcoreapp2.0) (== netstandard2.0)
      System.Reflection.Extensions (>= 4.3) - restriction: || (&& (== net461) (>= dnxcore50)) (&& (== net461) (< net45)) (== netcoreapp2.0) (== netstandard2.0)
      System.Resources.ResourceManager (>= 4.3) - restriction: || (&& (== net461) (>= dnxcore50)) (&& (== net461) (< net45)) (== netcoreapp2.0) (== netstandard2.0)
      System.Runtime (>= 4.3) - restriction: || (&& (== net461) (>= dnxcore50)) (&& (== net461) (< net45)) (== netcoreapp2.0) (== netstandard2.0)
    System.Net.Http (4.3.3) - restriction: || (&& (== net461) (>= dnxcore50) (>= netstandard1.6)) (&& (== net461) (< net20) (>= netstandard1.6)) (== netcoreapp2.0) (== netstandard2.0)
      Microsoft.NETCore.Platforms (>= 1.1) - restriction: || (&& (== net461) (>= dnxcore50)) (&& (== net461) (< net45)) (== netcoreapp2.0) (== netstandard2.0)
      runtime.native.System (>= 4.3) - restriction: || (&& (== net461) (< net45) (>= netstandard1.6)) (== netcoreapp2.0) (== netstandard2.0)
      runtime.native.System.Net.Http (>= 4.3) - restriction: || (&& (== net461) (< net45) (>= netstandard1.6)) (== netcoreapp2.0) (== netstandard2.0)
      runtime.native.System.Security.Cryptography.OpenSsl (>= 4.3.2) - restriction: || (&& (== net461) (< net45) (>= netstandard1.6)) (== netcoreapp2.0) (== netstandard2.0)
      System.Collections (>= 4.3) - restriction: || (&& (== net461) (>= dnxcore50)) (&& (== net461) (< net45)) (== netcoreapp2.0) (== netstandard2.0)
      System.Diagnostics.Debug (>= 4.3) - restriction: || (&& (== net461) (>= dnxcore50)) (&& (== net461) (< net45)) (== netcoreapp2.0) (== netstandard2.0)
      System.Diagnostics.DiagnosticSource (>= 4.3) - restriction: || (&& (== net461) (>= dnxcore50)) (&& (== net461) (< net45)) (== netcoreapp2.0) (== netstandard2.0)
      System.Diagnostics.Tracing (>= 4.3) - restriction: || (&& (== net461) (>= dnxcore50)) (&& (== net461) (< net45)) (== netcoreapp2.0) (== netstandard2.0)
      System.Globalization (>= 4.3) - restriction: || (&& (== net461) (>= dnxcore50)) (&& (== net461) (< net45)) (== netcoreapp2.0) (== netstandard2.0)
      System.Globalization.Extensions (>= 4.3) - restriction: || (&& (== net461) (< net45) (>= netstandard1.6)) (== netcoreapp2.0) (== netstandard2.0)
      System.IO (>= 4.3) - restriction: || (&& (== net461) (>= dnxcore50)) (&& (== net461) (< net45)) (== netcoreapp2.0) (== netstandard2.0)
      System.IO.FileSystem (>= 4.3) - restriction: || (&& (== net461) (< net45) (>= netstandard1.6)) (== netcoreapp2.0) (== netstandard2.0)
      System.Net.Primitives (>= 4.3) - restriction: || (&& (== net461) (>= dnxcore50)) (&& (== net461) (< net45)) (== netcoreapp2.0) (== netstandard2.0)
      System.Resources.ResourceManager (>= 4.3) - restriction: || (&& (== net461) (>= dnxcore50)) (&& (== net461) (< net45)) (== netcoreapp2.0) (== netstandard2.0)
      System.Runtime (>= 4.3) - restriction: || (&& (== net461) (>= dnxcore50)) (&& (== net461) (< net45)) (== netcoreapp2.0) (== netstandard2.0)
      System.Runtime.Extensions (>= 4.3) - restriction: || (&& (== net461) (>= dnxcore50)) (&& (== net461) (< net45)) (== netcoreapp2.0) (== netstandard2.0)
      System.Runtime.Handles (>= 4.3) - restriction: || (&& (== net461) (< net45)) (== netcoreapp2.0) (== netstandard2.0)
      System.Runtime.InteropServices (>= 4.3) - restriction: || (&& (== net461) (>= dnxcore50)) (&& (== net461) (< net45)) (== netcoreapp2.0) (== netstandard2.0)
      System.Security.Cryptography.Algorithms (>= 4.3) - restriction: || (&& (== net461) (< net45) (>= netstandard1.6)) (== netcoreapp2.0) (== netstandard2.0)
      System.Security.Cryptography.Encoding (>= 4.3) - restriction: || (&& (== net461) (< net45)) (== netcoreapp2.0) (== netstandard2.0)
      System.Security.Cryptography.OpenSsl (>= 4.3) - restriction: || (&& (== net461) (< net45) (>= netstandard1.6)) (== netcoreapp2.0) (== netstandard2.0)
      System.Security.Cryptography.Primitives (>= 4.3) - restriction: || (&& (== net461) (< net45) (>= netstandard1.6)) (== netcoreapp2.0) (== netstandard2.0)
      System.Security.Cryptography.X509Certificates (>= 4.3)
      System.Text.Encoding (>= 4.3) - restriction: || (&& (== net461) (>= dnxcore50)) (&& (== net461) (< net45)) (== netcoreapp2.0) (== netstandard2.0)
      System.Threading (>= 4.3) - restriction: || (&& (== net461) (>= dnxcore50)) (&& (== net461) (< net45)) (== netcoreapp2.0) (== netstandard2.0)
      System.Threading.Tasks (>= 4.3) - restriction: || (&& (== net461) (>= dnxcore50)) (&& (== net461) (< net45)) (== netcoreapp2.0) (== netstandard2.0)
    System.Net.Primitives (4.3) - restriction: || (&& (== net461) (>= dnxcore50) (>= netstandard1.6)) (&& (== net461) (< net20) (>= netstandard1.6)) (== netcoreapp2.0) (== netstandard2.0)
      Microsoft.NETCore.Platforms (>= 1.1) - restriction: || (&& (== net461) (>= dnxcore50)) (&& (== net461) (< net45)) (&& (== net461) (< netstandard1.1)) (== netcoreapp2.0) (== netstandard2.0)
      Microsoft.NETCore.Targets (>= 1.1) - restriction: || (&& (== net461) (>= dnxcore50)) (&& (== net461) (< net45)) (&& (== net461) (< netstandard1.1)) (== netcoreapp2.0) (== netstandard2.0)
      System.Runtime (>= 4.3) - restriction: || (&& (== net461) (>= dnxcore50)) (&& (== net461) (< net45)) (&& (== net461) (< netstandard1.1)) (== netcoreapp2.0) (== netstandard2.0)
      System.Runtime.Handles (>= 4.3) - restriction: || (&& (== net461) (>= dnxcore50)) (&& (== net461) (< net45)) (== netcoreapp2.0) (== netstandard2.0)
    System.Net.Requests (4.3) - restriction: || (&& (== net461) (< net20) (>= netstandard1.6)) (== netcoreapp2.0) (== netstandard2.0)
      Microsoft.NETCore.Platforms (>= 1.1) - restriction: || (&& (== net461) (< net45)) (== netcoreapp2.0) (== netstandard2.0)
      System.Collections (>= 4.3) - restriction: || (&& (== net461) (>= dnxcore50)) (&& (== net461) (< net45)) (== netcoreapp2.0) (== netstandard2.0)
      System.Diagnostics.Debug (>= 4.3) - restriction: || (&& (== net461) (>= dnxcore50)) (&& (== net461) (< net45)) (== netcoreapp2.0) (== netstandard2.0)
      System.Diagnostics.Tracing (>= 4.3) - restriction: || (&& (== net461) (>= dnxcore50)) (&& (== net461) (< net45)) (== netcoreapp2.0) (== netstandard2.0)
      System.Globalization (>= 4.3) - restriction: || (&& (== net461) (>= dnxcore50)) (&& (== net461) (< net45)) (== netcoreapp2.0) (== netstandard2.0)
      System.IO (>= 4.3) - restriction: || (&& (== net461) (>= dnxcore50)) (&& (== net461) (< net45)) (&& (== net461) (< netstandard1.1)) (== netcoreapp2.0) (== netstandard2.0)
      System.Net.Http (>= 4.3) - restriction: || (&& (== net461) (>= dnxcore50)) (&& (== net461) (< net45)) (== netcoreapp2.0) (== netstandard2.0)
      System.Net.Primitives (>= 4.3) - restriction: || (&& (== net461) (>= dnxcore50)) (&& (== net461) (< net45)) (&& (== net461) (< netstandard1.1)) (== netcoreapp2.0) (== netstandard2.0)
      System.Net.WebHeaderCollection (>= 4.3) - restriction: || (&& (== net461) (>= dnxcore50)) (&& (== net461) (< net45)) (== netcoreapp2.0) (== netstandard2.0)
      System.Resources.ResourceManager (>= 4.3) - restriction: || (&& (== net461) (>= dnxcore50)) (&& (== net461) (< net45)) (== netcoreapp2.0) (== netstandard2.0)
      System.Runtime (>= 4.3) - restriction: || (&& (== net461) (>= dnxcore50)) (&& (== net461) (< net45)) (&& (== net461) (< netstandard1.1)) (== netcoreapp2.0) (== netstandard2.0)
      System.Threading (>= 4.3) - restriction: || (&& (== net461) (>= dnxcore50)) (&& (== net461) (< net45)) (== netcoreapp2.0) (== netstandard2.0)
      System.Threading.Tasks (>= 4.3) - restriction: || (&& (== net461) (>= dnxcore50)) (&& (== net461) (< net45)) (== netcoreapp2.0) (== netstandard2.0)
    System.Net.WebHeaderCollection (4.3) - restriction: || (&& (== net461) (>= dnxcore50) (>= netstandard1.6)) (&& (== net461) (< net20) (>= netstandard1.6)) (== netcoreapp2.0) (== netstandard2.0)
      System.Collections (>= 4.3) - restriction: || (&& (== net461) (< net46)) (== netcoreapp2.0) (== netstandard2.0)
      System.Resources.ResourceManager (>= 4.3) - restriction: || (&& (== net461) (< net46)) (== netcoreapp2.0) (== netstandard2.0)
      System.Runtime (>= 4.3) - restriction: || (&& (== net461) (< net46)) (== netcoreapp2.0) (== netstandard2.0)
      System.Runtime.Extensions (>= 4.3) - restriction: || (&& (== net461) (< net46)) (== netcoreapp2.0) (== netstandard2.0)
    System.ObjectModel (4.3) - restriction: || (&& (== net461) (>= dnxcore50)) (&& (== net461) (< net45)) (== netcoreapp2.0) (== netstandard2.0)
      System.Collections (>= 4.3) - restriction: || (&& (== net461) (>= dnxcore50)) (&& (== net461) (< net45)) (== netcoreapp2.0) (== netstandard2.0)
      System.Diagnostics.Debug (>= 4.3) - restriction: || (&& (== net461) (>= dnxcore50)) (&& (== net461) (< net45)) (== netcoreapp2.0) (== netstandard2.0)
      System.Resources.ResourceManager (>= 4.3) - restriction: || (&& (== net461) (>= dnxcore50)) (&& (== net461) (< net45)) (== netcoreapp2.0) (== netstandard2.0)
      System.Runtime (>= 4.3) - restriction: || (&& (== net461) (>= dnxcore50)) (&& (== net461) (< net45)) (== netcoreapp2.0) (== netstandard2.0)
      System.Threading (>= 4.3) - restriction: || (&& (== net461) (>= dnxcore50)) (&& (== net461) (< net45)) (== netcoreapp2.0) (== netstandard2.0)
    System.Reactive (4.0.0-preview00001)
      NETStandard.Library (>= 1.6.1) - restriction: || (&& (== net461) (< net45)) (== netcoreapp2.0) (== netstandard2.0)
      System.ComponentModel (>= 4.3) - restriction: || (&& (== net461) (< net45)) (== netcoreapp2.0) (== netstandard2.0)
      System.Diagnostics.Contracts (>= 4.3) - restriction: || (&& (== net461) (< net45)) (== netcoreapp2.0) (== netstandard2.0)
      System.Dynamic.Runtime (>= 4.3) - restriction: || (&& (== net461) (< net45)) (== netcoreapp2.0) (== netstandard2.0)
      System.Linq.Queryable (>= 4.3) - restriction: || (&& (== net461) (< net45)) (== netcoreapp2.0) (== netstandard2.0)
      System.Runtime.InteropServices.WindowsRuntime (>= 4.3) - restriction: || (&& (== net461) (< net45)) (== netcoreapp2.0) (== netstandard2.0)
      System.Threading.Thread (>= 4.3) - restriction: || (&& (== net461) (< net45)) (== netcoreapp2.0) (== netstandard2.0)
      System.Threading.ThreadPool (>= 4.3) - restriction: || (&& (== net461) (< net45)) (== netcoreapp2.0) (== netstandard2.0)
    System.Reflection (4.3) - restriction: || (&& (== net461) (< net45)) (== netcoreapp2.0) (== netstandard2.0)
      Microsoft.NETCore.Platforms (>= 1.1) - restriction: || (&& (== net461) (>= dnxcore50)) (&& (== net461) (< net45)) (== netcoreapp2.0) (== netstandard2.0)
      Microsoft.NETCore.Targets (>= 1.1) - restriction: || (&& (== net461) (>= dnxcore50)) (&& (== net461) (< net45)) (== netcoreapp2.0) (== netstandard2.0)
      System.IO (>= 4.3) - restriction: || (&& (== net461) (>= dnxcore50)) (&& (== net461) (< net45)) (== netcoreapp2.0) (== netstandard2.0)
      System.Reflection.Primitives (>= 4.3) - restriction: || (&& (== net461) (>= dnxcore50)) (&& (== net461) (< net45)) (== netcoreapp2.0) (== netstandard2.0)
      System.Runtime (>= 4.3) - restriction: || (&& (== net461) (>= dnxcore50)) (&& (== net461) (< net45)) (== netcoreapp2.0) (== netstandard2.0)
    System.Reflection.Emit (4.3)
      System.IO (>= 4.3) - restriction: || (&& (== net461) (< net45)) (== netcoreapp2.0) (== netstandard2.0)
      System.Reflection (>= 4.3) - restriction: || (&& (== net461) (< net45)) (== netcoreapp2.0) (== netstandard2.0)
      System.Reflection.Emit.ILGeneration (>= 4.3) - restriction: || (&& (== net461) (< net45)) (== netcoreapp2.0) (== netstandard2.0)
      System.Reflection.Primitives (>= 4.3) - restriction: || (&& (== net461) (< net45)) (== netcoreapp2.0) (== netstandard2.0)
      System.Runtime (>= 4.3) - restriction: || (&& (== net461) (< net45)) (== netcoreapp2.0) (== netstandard2.0)
    System.Reflection.Emit.ILGeneration (4.3) - restriction: || (&& (== net461) (< net45)) (== netcoreapp2.0) (== netstandard2.0)
      System.Reflection (>= 4.3) - restriction: || (&& (== net461) (< net45)) (== netcoreapp2.0) (== netstandard2.0)
      System.Reflection.Primitives (>= 4.3) - restriction: || (&& (== net461) (< net45)) (== netcoreapp2.0) (== netstandard2.0)
      System.Runtime (>= 4.3) - restriction: || (&& (== net461) (< net45)) (== netcoreapp2.0) (== netstandard2.0)
    System.Reflection.Emit.Lightweight (4.3) - restriction: || (&& (== net461) (>= dnxcore50)) (&& (== net461) (< net45) (>= netstandard1.6)) (== netcoreapp2.0) (== netstandard2.0)
      System.Reflection (>= 4.3) - restriction: || (&& (== net461) (< net45)) (== netcoreapp2.0) (== netstandard2.0)
      System.Reflection.Emit.ILGeneration (>= 4.3) - restriction: || (&& (== net461) (< net45)) (== netcoreapp2.0) (== netstandard2.0)
      System.Reflection.Primitives (>= 4.3) - restriction: || (&& (== net461) (< net45)) (== netcoreapp2.0) (== netstandard2.0)
      System.Runtime (>= 4.3) - restriction: || (&& (== net461) (< net45)) (== netcoreapp2.0) (== netstandard2.0)
    System.Reflection.Extensions (4.3) - restriction: || (&& (== net461) (>= dnxcore50)) (&& (== net461) (< net45)) (== netcoreapp2.0) (== netstandard2.0)
      Microsoft.NETCore.Platforms (>= 1.1) - restriction: || (&& (== net461) (>= dnxcore50)) (&& (== net461) (< net45)) (== netcoreapp2.0) (== netstandard2.0)
      Microsoft.NETCore.Targets (>= 1.1) - restriction: || (&& (== net461) (>= dnxcore50)) (&& (== net461) (< net45)) (== netcoreapp2.0) (== netstandard2.0)
      System.Reflection (>= 4.3) - restriction: || (&& (== net461) (>= dnxcore50)) (&& (== net461) (< net45)) (== netcoreapp2.0) (== netstandard2.0)
      System.Runtime (>= 4.3) - restriction: || (&& (== net461) (>= dnxcore50)) (&& (== net461) (< net45)) (== netcoreapp2.0) (== netstandard2.0)
    System.Reflection.Primitives (4.3) - restriction: || (&& (== net461) (< net45)) (== netcoreapp2.0) (== netstandard2.0)
      Microsoft.NETCore.Platforms (>= 1.1) - restriction: || (&& (== net461) (>= dnxcore50)) (&& (== net461) (< net45)) (== netcoreapp2.0) (== netstandard2.0)
      Microsoft.NETCore.Targets (>= 1.1) - restriction: || (&& (== net461) (>= dnxcore50)) (&& (== net461) (< net45)) (== netcoreapp2.0) (== netstandard2.0)
      System.Runtime (>= 4.3) - restriction: || (&& (== net461) (>= dnxcore50)) (&& (== net461) (< net45)) (== netcoreapp2.0) (== netstandard2.0)
    System.Reflection.TypeExtensions (4.4) - restriction: || (&& (== net461) (>= dnxcore50)) (&& (== net461) (< net45)) (== netcoreapp2.0) (== netstandard2.0)
    System.Resources.ResourceManager (4.3) - restriction: || (&& (== net461) (>= dnxcore50)) (&& (== net461) (< net45)) (== netcoreapp2.0) (== netstandard2.0)
      Microsoft.NETCore.Platforms (>= 1.1) - restriction: || (&& (== net461) (>= dnxcore50)) (&& (== net461) (< net45)) (== netcoreapp2.0) (== netstandard2.0)
      Microsoft.NETCore.Targets (>= 1.1) - restriction: || (&& (== net461) (>= dnxcore50)) (&& (== net461) (< net45)) (== netcoreapp2.0) (== netstandard2.0)
      System.Globalization (>= 4.3) - restriction: || (&& (== net461) (>= dnxcore50)) (&& (== net461) (< net45)) (== netcoreapp2.0) (== netstandard2.0)
      System.Reflection (>= 4.3) - restriction: || (&& (== net461) (>= dnxcore50)) (&& (== net461) (< net45)) (== netcoreapp2.0) (== netstandard2.0)
      System.Runtime (>= 4.3) - restriction: || (&& (== net461) (>= dnxcore50)) (&& (== net461) (< net45)) (== netcoreapp2.0) (== netstandard2.0)
    System.Runtime (4.3) - restriction: || (&& (== net461) (< net45)) (== netcoreapp2.0) (== netstandard2.0)
      Microsoft.NETCore.Platforms (>= 1.1) - restriction: || (&& (== net461) (>= dnxcore50)) (&& (== net461) (< net45)) (== netcoreapp2.0) (== netstandard2.0)
      Microsoft.NETCore.Targets (>= 1.1) - restriction: || (&& (== net461) (>= dnxcore50)) (&& (== net461) (< net45)) (== netcoreapp2.0) (== netstandard2.0)
    System.Runtime.Extensions (4.3) - restriction: || (&& (== net461) (>= dnxcore50)) (&& (== net461) (< net45)) (== netcoreapp2.0) (== netstandard2.0)
      Microsoft.NETCore.Platforms (>= 1.1) - restriction: || (&& (== net461) (>= dnxcore50)) (&& (== net461) (< net45)) (== netcoreapp2.0) (== netstandard2.0)
      Microsoft.NETCore.Targets (>= 1.1) - restriction: || (&& (== net461) (>= dnxcore50)) (&& (== net461) (< net45)) (== netcoreapp2.0) (== netstandard2.0)
      System.Runtime (>= 4.3) - restriction: || (&& (== net461) (>= dnxcore50)) (&& (== net461) (< net45)) (== netcoreapp2.0) (== netstandard2.0)
    System.Runtime.Handles (4.3) - restriction: || (&& (== net461) (< net45)) (== netcoreapp2.0) (== netstandard2.0)
      Microsoft.NETCore.Platforms (>= 1.1) - restriction: || (&& (== net461) (< net46)) (== netcoreapp2.0) (== netstandard2.0)
      Microsoft.NETCore.Targets (>= 1.1) - restriction: || (&& (== net461) (< net46)) (== netcoreapp2.0) (== netstandard2.0)
      System.Runtime (>= 4.3) - restriction: || (&& (== net461) (< net46)) (== netcoreapp2.0) (== netstandard2.0)
    System.Runtime.InteropServices (4.3) - restriction: || (&& (== net461) (>= dnxcore50) (>= netstandard1.6)) (&& (== net461) (< net20) (>= netstandard1.6)) (== netcoreapp2.0) (== netstandard2.0)
      Microsoft.NETCore.Platforms (>= 1.1) - restriction: || (&& (== net461) (>= dnxcore50)) (&& (== net461) (< net45)) (&& (== net461) (>= netcoreapp1.1)) (== netcoreapp2.0) (== netstandard2.0)
      Microsoft.NETCore.Targets (>= 1.1) - restriction: || (&& (== net461) (>= dnxcore50)) (&& (== net461) (< net45)) (&& (== net461) (>= netcoreapp1.1)) (== netcoreapp2.0) (== netstandard2.0)
      System.Reflection (>= 4.3) - restriction: || (&& (== net461) (>= dnxcore50)) (&& (== net461) (< net45)) (&& (== net461) (>= netcoreapp1.1)) (== netcoreapp2.0) (== netstandard2.0)
      System.Reflection.Primitives (>= 4.3) - restriction: || (&& (== net461) (>= dnxcore50)) (&& (== net461) (< net45)) (&& (== net461) (>= netcoreapp1.1)) (== netcoreapp2.0) (== netstandard2.0)
      System.Runtime (>= 4.3) - restriction: || (&& (== net461) (>= dnxcore50)) (&& (== net461) (< net45)) (&& (== net461) (>= net462)) (&& (== net461) (>= netcoreapp1.1)) (== netcoreapp2.0) (== netstandard2.0)
      System.Runtime.Handles (>= 4.3) - restriction: || (&& (== net461) (>= dnxcore50)) (&& (== net461) (< net45)) (&& (== net461) (>= netcoreapp1.1)) (== netcoreapp2.0) (== netstandard2.0)
    System.Runtime.InteropServices.WindowsRuntime (4.3) - restriction: || (&& (== net461) (< net45)) (== netcoreapp2.0) (== netstandard2.0)
      System.Runtime (>= 4.3) - restriction: || (&& (== net461) (>= dnxcore50)) (&& (== net461) (< net45)) (== netcoreapp2.0) (== netstandard2.0)
    System.Runtime.Loader (4.3) - restriction: || (&& (== net461) (>= netstandard1.6)) (== netcoreapp2.0) (== netstandard2.0)
      System.IO (>= 4.3) - restriction: || (&& (== net461) (>= netstandard1.5)) (== netcoreapp2.0) (== netstandard2.0)
      System.Reflection (>= 4.3) - restriction: || (&& (== net461) (>= netstandard1.5)) (== netcoreapp2.0) (== netstandard2.0)
      System.Runtime (>= 4.3) - restriction: || (&& (== net461) (>= netstandard1.5)) (== netcoreapp2.0) (== netstandard2.0)
    System.Runtime.Numerics (4.3) - restriction: || (&& (== net461) (< net20) (>= netstandard1.6)) (== netcoreapp2.0) (== netstandard2.0)
      System.Globalization (>= 4.3) - restriction: || (&& (== net461) (>= dnxcore50)) (&& (== net461) (< net45)) (== netcoreapp2.0) (== netstandard2.0)
      System.Resources.ResourceManager (>= 4.3) - restriction: || (&& (== net461) (>= dnxcore50)) (&& (== net461) (< net45)) (== netcoreapp2.0) (== netstandard2.0)
      System.Runtime (>= 4.3) - restriction: || (&& (== net461) (>= dnxcore50)) (&& (== net461) (< net45)) (== netcoreapp2.0) (== netstandard2.0)
      System.Runtime.Extensions (>= 4.3) - restriction: || (&& (== net461) (>= dnxcore50)) (&& (== net461) (< net45)) (== netcoreapp2.0) (== netstandard2.0)
    System.Security.Cryptography.Algorithms (4.3.1) - restriction: || (&& (== net461) (>= dnxcore50) (>= netstandard1.6)) (&& (== net461) (< net20) (>= netstandard1.6)) (== netcoreapp2.0) (== netstandard2.0)
      Microsoft.NETCore.Platforms (>= 1.1) - restriction: || (&& (== net461) (>= dnxcore50)) (&& (== net461) (< net46) (>= netstandard1.6)) (== netcoreapp2.0) (== netstandard2.0)
      runtime.native.System.Security.Cryptography.Apple (>= 4.3.1) - restriction: || (&& (== net461) (< net46) (>= netstandard1.6)) (== netcoreapp2.0) (== netstandard2.0)
      runtime.native.System.Security.Cryptography.OpenSsl (>= 4.3.2) - restriction: || (&& (== net461) (< net46) (>= netstandard1.6)) (== netcoreapp2.0) (== netstandard2.0)
      System.Collections (>= 4.3) - restriction: || (&& (== net461) (< net46) (>= netstandard1.6)) (== netcoreapp2.0) (== netstandard2.0)
      System.IO (>= 4.3) - restriction: || (&& (== net461) (>= dnxcore50)) (&& (== net461) (< net46)) (&& (== net461) (>= net463)) (== netcoreapp2.0) (== netstandard2.0)
      System.Resources.ResourceManager (>= 4.3) - restriction: || (&& (== net461) (>= dnxcore50)) (&& (== net461) (< net46) (>= netstandard1.6)) (== netcoreapp2.0) (== netstandard2.0)
      System.Runtime (>= 4.3) - restriction: || (&& (== net461) (>= dnxcore50)) (&& (== net461) (< net46)) (&& (== net461) (>= net463)) (== netcoreapp2.0) (== netstandard2.0)
      System.Runtime.Extensions (>= 4.3) - restriction: || (&& (== net461) (>= dnxcore50)) (&& (== net461) (< net46) (>= netstandard1.6)) (== netcoreapp2.0) (== netstandard2.0)
      System.Runtime.Handles (>= 4.3) - restriction: || (&& (== net461) (>= dnxcore50)) (&& (== net461) (< net46) (>= netstandard1.6)) (== netcoreapp2.0) (== netstandard2.0)
      System.Runtime.InteropServices (>= 4.3) - restriction: || (&& (== net461) (>= dnxcore50)) (&& (== net461) (< net46) (>= netstandard1.6)) (== netcoreapp2.0) (== netstandard2.0)
      System.Runtime.Numerics (>= 4.3) - restriction: || (&& (== net461) (< net46) (>= netstandard1.6)) (== netcoreapp2.0) (== netstandard2.0)
      System.Security.Cryptography.Encoding (>= 4.3) - restriction: || (&& (== net461) (>= dnxcore50)) (&& (== net461) (< net46) (>= netstandard1.6)) (&& (== net461) (>= net463)) (== netcoreapp2.0) (== netstandard2.0)
      System.Security.Cryptography.Primitives (>= 4.3)
      System.Text.Encoding (>= 4.3) - restriction: || (&& (== net461) (>= dnxcore50)) (&& (== net461) (< net46) (>= netstandard1.6)) (== netcoreapp2.0) (== netstandard2.0)
    System.Security.Cryptography.Cng (4.4) - restriction: || (&& (== net461) (>= dnxcore50) (>= netstandard1.6)) (&& (== net461) (< net20) (>= netstandard1.6)) (== netcoreapp2.0) (== netstandard2.0)
      Microsoft.NETCore.Platforms (>= 2.0) - restriction: || (&& (== net461) (>= netcoreapp2.0)) (== netcoreapp2.0) (&& (== netstandard2.0) (>= netcoreapp2.0))
    System.Security.Cryptography.Csp (4.3) - restriction: || (&& (== net461) (>= dnxcore50) (>= netstandard1.6)) (&& (== net461) (< net20) (>= netstandard1.6)) (== netcoreapp2.0) (== netstandard2.0)
      Microsoft.NETCore.Platforms (>= 1.1) - restriction: || (&& (== net461) (< net46)) (== netcoreapp2.0) (== netstandard2.0)
      System.IO (>= 4.3) - restriction: || (&& (== net461) (< net46)) (== netcoreapp2.0) (== netstandard2.0)
      System.Reflection (>= 4.3) - restriction: || (&& (== net461) (< net46)) (== netcoreapp2.0) (== netstandard2.0)
      System.Resources.ResourceManager (>= 4.3) - restriction: || (&& (== net461) (< net46)) (== netcoreapp2.0) (== netstandard2.0)
      System.Runtime (>= 4.3) - restriction: || (&& (== net461) (< net46)) (== netcoreapp2.0) (== netstandard2.0)
      System.Runtime.Extensions (>= 4.3) - restriction: || (&& (== net461) (< net46)) (== netcoreapp2.0) (== netstandard2.0)
      System.Runtime.Handles (>= 4.3) - restriction: || (&& (== net461) (< net46)) (== netcoreapp2.0) (== netstandard2.0)
      System.Runtime.InteropServices (>= 4.3) - restriction: || (&& (== net461) (< net46)) (== netcoreapp2.0) (== netstandard2.0)
      System.Security.Cryptography.Algorithms (>= 4.3)
      System.Security.Cryptography.Encoding (>= 4.3) - restriction: || (&& (== net461) (< net46)) (== netcoreapp2.0) (== netstandard2.0)
      System.Security.Cryptography.Primitives (>= 4.3)
      System.Text.Encoding (>= 4.3) - restriction: || (&& (== net461) (< net46)) (== netcoreapp2.0) (== netstandard2.0)
      System.Threading (>= 4.3) - restriction: || (&& (== net461) (< net46)) (== netcoreapp2.0) (== netstandard2.0)
    System.Security.Cryptography.Encoding (4.3) - restriction: || (&& (== net461) (>= dnxcore50) (>= netstandard1.6)) (&& (== net461) (< net20) (>= netstandard1.6)) (== netcoreapp2.0) (== netstandard2.0)
      Microsoft.NETCore.Platforms (>= 1.1) - restriction: || (&& (== net461) (< net46)) (== netcoreapp2.0) (== netstandard2.0)
      runtime.native.System.Security.Cryptography.OpenSsl (>= 4.3) - restriction: || (&& (== net461) (< net46)) (== netcoreapp2.0) (== netstandard2.0)
      System.Collections (>= 4.3) - restriction: || (&& (== net461) (< net46)) (== netcoreapp2.0) (== netstandard2.0)
      System.Collections.Concurrent (>= 4.3) - restriction: || (&& (== net461) (< net46)) (== netcoreapp2.0) (== netstandard2.0)
      System.Linq (>= 4.3) - restriction: || (&& (== net461) (< net46)) (== netcoreapp2.0) (== netstandard2.0)
      System.Resources.ResourceManager (>= 4.3) - restriction: || (&& (== net461) (< net46)) (== netcoreapp2.0) (== netstandard2.0)
      System.Runtime (>= 4.3) - restriction: || (&& (== net461) (< net46)) (== netcoreapp2.0) (== netstandard2.0)
      System.Runtime.Extensions (>= 4.3) - restriction: || (&& (== net461) (< net46)) (== netcoreapp2.0) (== netstandard2.0)
      System.Runtime.Handles (>= 4.3) - restriction: || (&& (== net461) (< net46)) (== netcoreapp2.0) (== netstandard2.0)
      System.Runtime.InteropServices (>= 4.3) - restriction: || (&& (== net461) (< net46)) (== netcoreapp2.0) (== netstandard2.0)
      System.Security.Cryptography.Primitives (>= 4.3) - restriction: || (&& (== net461) (< net46)) (== netcoreapp2.0) (== netstandard2.0)
      System.Text.Encoding (>= 4.3) - restriction: || (&& (== net461) (< net46)) (== netcoreapp2.0) (== netstandard2.0)
    System.Security.Cryptography.OpenSsl (4.4) - restriction: || (&& (== net461) (>= dnxcore50) (>= netstandard1.6)) (&& (== net461) (< net20) (>= netstandard1.6)) (== netcoreapp2.0) (== netstandard2.0)
      Microsoft.NETCore.Platforms (>= 2.0) - restriction: || (&& (== net461) (>= netcoreapp2.0)) (== netcoreapp2.0) (&& (== netstandard2.0) (>= netcoreapp2.0))
    System.Security.Cryptography.Primitives (4.3) - restriction: || (&& (== net461) (>= dnxcore50) (>= netstandard1.6)) (&& (== net461) (< net20) (>= netstandard1.6)) (== netcoreapp2.0) (== netstandard2.0)
      System.Diagnostics.Debug (>= 4.3) - restriction: || (&& (== net461) (< net46)) (== netcoreapp2.0) (== netstandard2.0)
      System.Globalization (>= 4.3) - restriction: || (&& (== net461) (< net46)) (== netcoreapp2.0) (== netstandard2.0)
      System.IO (>= 4.3) - restriction: || (&& (== net461) (< net46)) (== netcoreapp2.0) (== netstandard2.0)
      System.Resources.ResourceManager (>= 4.3) - restriction: || (&& (== net461) (< net46)) (== netcoreapp2.0) (== netstandard2.0)
      System.Runtime (>= 4.3) - restriction: || (&& (== net461) (< net46)) (== netcoreapp2.0) (== netstandard2.0)
      System.Threading (>= 4.3) - restriction: || (&& (== net461) (< net46)) (== netcoreapp2.0) (== netstandard2.0)
      System.Threading.Tasks (>= 4.3) - restriction: || (&& (== net461) (< net46)) (== netcoreapp2.0) (== netstandard2.0)
    System.Security.Cryptography.X509Certificates (4.3.2) - restriction: || (&& (== net461) (>= dnxcore50) (>= netstandard1.6)) (&& (== net461) (< net20) (>= netstandard1.6)) (== netcoreapp2.0) (== netstandard2.0)
      Microsoft.NETCore.Platforms (>= 1.1) - restriction: || (&& (== net461) (>= dnxcore50)) (&& (== net461) (< net46) (>= netstandard1.6)) (== netcoreapp2.0) (== netstandard2.0)
      runtime.native.System (>= 4.3) - restriction: || (&& (== net461) (< net46) (>= netstandard1.6)) (== netcoreapp2.0) (== netstandard2.0)
      runtime.native.System.Net.Http (>= 4.3) - restriction: || (&& (== net461) (< net46) (>= netstandard1.6)) (== netcoreapp2.0) (== netstandard2.0)
      runtime.native.System.Security.Cryptography.OpenSsl (>= 4.3.2) - restriction: || (&& (== net461) (< net46) (>= netstandard1.6)) (== netcoreapp2.0) (== netstandard2.0)
      System.Collections (>= 4.3) - restriction: || (&& (== net461) (>= dnxcore50)) (&& (== net461) (< net46) (>= netstandard1.6)) (== netcoreapp2.0) (== netstandard2.0)
      System.Diagnostics.Debug (>= 4.3) - restriction: || (&& (== net461) (< net46) (>= netstandard1.6)) (== netcoreapp2.0) (== netstandard2.0)
      System.Globalization (>= 4.3) - restriction: || (&& (== net461) (>= dnxcore50)) (&& (== net461) (< net46) (>= netstandard1.6)) (== netcoreapp2.0) (== netstandard2.0)
      System.Globalization.Calendars (>= 4.3) - restriction: || (&& (== net461) (>= dnxcore50)) (&& (== net461) (< net46) (>= netstandard1.6)) (== netcoreapp2.0) (== netstandard2.0)
      System.IO (>= 4.3) - restriction: || (&& (== net461) (>= dnxcore50)) (&& (== net461) (< net46) (>= netstandard1.6)) (== netcoreapp2.0) (== netstandard2.0)
      System.IO.FileSystem (>= 4.3) - restriction: || (&& (== net461) (>= dnxcore50)) (&& (== net461) (< net46) (>= netstandard1.6)) (== netcoreapp2.0) (== netstandard2.0)
      System.IO.FileSystem.Primitives (>= 4.3) - restriction: || (&& (== net461) (< net46) (>= netstandard1.6)) (== netcoreapp2.0) (== netstandard2.0)
      System.Resources.ResourceManager (>= 4.3) - restriction: || (&& (== net461) (>= dnxcore50)) (&& (== net461) (< net46) (>= netstandard1.6)) (== netcoreapp2.0) (== netstandard2.0)
      System.Runtime (>= 4.3) - restriction: || (&& (== net461) (>= dnxcore50)) (&& (== net461) (< net46)) (== netcoreapp2.0) (== netstandard2.0)
      System.Runtime.Extensions (>= 4.3) - restriction: || (&& (== net461) (>= dnxcore50)) (&& (== net461) (< net46) (>= netstandard1.6)) (== netcoreapp2.0) (== netstandard2.0)
      System.Runtime.Handles (>= 4.3) - restriction: || (&& (== net461) (>= dnxcore50)) (&& (== net461) (< net46)) (== netcoreapp2.0) (== netstandard2.0)
      System.Runtime.InteropServices (>= 4.3) - restriction: || (&& (== net461) (>= dnxcore50)) (&& (== net461) (< net46) (>= netstandard1.6)) (== netcoreapp2.0) (== netstandard2.0)
      System.Runtime.Numerics (>= 4.3) - restriction: || (&& (== net461) (>= dnxcore50)) (&& (== net461) (< net46) (>= netstandard1.6)) (== netcoreapp2.0) (== netstandard2.0)
      System.Security.Cryptography.Algorithms (>= 4.3)
      System.Security.Cryptography.Cng (>= 4.3) - restriction: || (&& (== net461) (>= dnxcore50)) (&& (== net461) (< net46) (>= netstandard1.6)) (== netcoreapp2.0) (== netstandard2.0)
      System.Security.Cryptography.Csp (>= 4.3) - restriction: || (&& (== net461) (< net46) (>= netstandard1.6)) (== netcoreapp2.0) (== netstandard2.0)
      System.Security.Cryptography.Encoding (>= 4.3)
      System.Security.Cryptography.OpenSsl (>= 4.3) - restriction: || (&& (== net461) (< net46) (>= netstandard1.6)) (== netcoreapp2.0) (== netstandard2.0)
      System.Security.Cryptography.Primitives (>= 4.3) - restriction: || (&& (== net461) (>= dnxcore50)) (&& (== net461) (< net46) (>= netstandard1.6)) (== netcoreapp2.0) (== netstandard2.0)
      System.Text.Encoding (>= 4.3) - restriction: || (&& (== net461) (>= dnxcore50)) (&& (== net461) (< net46) (>= netstandard1.6)) (== netcoreapp2.0) (== netstandard2.0)
      System.Threading (>= 4.3) - restriction: || (&& (== net461) (>= dnxcore50)) (&& (== net461) (< net46) (>= netstandard1.6)) (== netcoreapp2.0) (== netstandard2.0)
    System.Text.Encoding (4.3) - restriction: || (&& (== net461) (>= dnxcore50)) (&& (== net461) (< net45)) (== netcoreapp2.0) (== netstandard2.0)
      Microsoft.NETCore.Platforms (>= 1.1) - restriction: || (&& (== net461) (>= dnxcore50)) (&& (== net461) (< net45)) (== netcoreapp2.0) (== netstandard2.0)
      Microsoft.NETCore.Targets (>= 1.1) - restriction: || (&& (== net461) (>= dnxcore50)) (&& (== net461) (< net45)) (== netcoreapp2.0) (== netstandard2.0)
      System.Runtime (>= 4.3) - restriction: || (&& (== net461) (>= dnxcore50)) (&& (== net461) (< net45)) (== netcoreapp2.0) (== netstandard2.0)
    System.Text.RegularExpressions (4.3) - restriction: || (&& (== net461) (< net20) (>= netstandard1.6)) (== netcoreapp2.0) (== netstandard2.0)
      System.Collections (>= 4.3) - restriction: || (&& (== net461) (>= dnxcore50)) (&& (== net461) (< net45) (>= netstandard1.6)) (&& (== netcoreapp2.0) (>= dnxcore50)) (&& (== netcoreapp2.0) (< netcoreapp1.1)) (== netstandard2.0)
      System.Globalization (>= 4.3) - restriction: || (&& (== net461) (>= dnxcore50)) (&& (== net461) (< net45) (>= netstandard1.6)) (&& (== netcoreapp2.0) (>= dnxcore50)) (&& (== netcoreapp2.0) (< netcoreapp1.1)) (== netstandard2.0)
      System.Resources.ResourceManager (>= 4.3) - restriction: || (&& (== net461) (>= dnxcore50)) (&& (== net461) (< net45) (>= netstandard1.6)) (&& (== netcoreapp2.0) (>= dnxcore50)) (&& (== netcoreapp2.0) (< netcoreapp1.1)) (== netstandard2.0)
      System.Runtime (>= 4.3) - restriction: || (&& (== net461) (>= dnxcore50)) (&& (== net461) (< net45)) (&& (== net461) (>= netcoreapp1.1)) (== netcoreapp2.0) (== netstandard2.0)
      System.Runtime.Extensions (>= 4.3) - restriction: || (&& (== net461) (>= dnxcore50)) (&& (== net461) (< net45) (>= netstandard1.6)) (&& (== netcoreapp2.0) (>= dnxcore50)) (&& (== netcoreapp2.0) (< netcoreapp1.1)) (== netstandard2.0)
      System.Threading (>= 4.3) - restriction: || (&& (== net461) (>= dnxcore50)) (&& (== net461) (< net45) (>= netstandard1.6)) (&& (== netcoreapp2.0) (>= dnxcore50)) (&& (== netcoreapp2.0) (< netcoreapp1.1)) (== netstandard2.0)
    System.Threading (4.3) - restriction: || (&& (== net461) (>= dnxcore50)) (&& (== net461) (< net45)) (== netcoreapp2.0) (== netstandard2.0)
      System.Runtime (>= 4.3) - restriction: || (&& (== net461) (>= dnxcore50)) (&& (== net461) (< net45)) (== netcoreapp2.0) (== netstandard2.0)
      System.Threading.Tasks (>= 4.3) - restriction: || (&& (== net461) (>= dnxcore50)) (&& (== net461) (< net45)) (== netcoreapp2.0) (== netstandard2.0)
    System.Threading.Tasks (4.3) - restriction: || (&& (== net461) (>= dnxcore50)) (&& (== net461) (< net45)) (== netcoreapp2.0) (== netstandard2.0)
      Microsoft.NETCore.Platforms (>= 1.1) - restriction: || (&& (== net461) (>= dnxcore50)) (&& (== net461) (< net45)) (== netcoreapp2.0) (== netstandard2.0)
      Microsoft.NETCore.Targets (>= 1.1) - restriction: || (&& (== net461) (>= dnxcore50)) (&& (== net461) (< net45)) (== netcoreapp2.0) (== netstandard2.0)
      System.Runtime (>= 4.3) - restriction: || (&& (== net461) (>= dnxcore50)) (&& (== net461) (< net45)) (== netcoreapp2.0) (== netstandard2.0)
    System.Threading.Tasks.Parallel (4.3) - restriction: || (&& (== net461) (< net20) (>= netstandard1.6)) (== netcoreapp2.0) (== netstandard2.0)
      System.Collections.Concurrent (>= 4.3) - restriction: || (&& (== net461) (>= dnxcore50)) (&& (== net461) (< net45)) (== netcoreapp2.0) (== netstandard2.0)
      System.Diagnostics.Debug (>= 4.3) - restriction: || (&& (== net461) (>= dnxcore50)) (&& (== net461) (< net45)) (== netcoreapp2.0) (== netstandard2.0)
      System.Diagnostics.Tracing (>= 4.3) - restriction: || (&& (== net461) (>= dnxcore50)) (&& (== net461) (< net45)) (== netcoreapp2.0) (== netstandard2.0)
      System.Resources.ResourceManager (>= 4.3) - restriction: || (&& (== net461) (>= dnxcore50)) (&& (== net461) (< net45)) (== netcoreapp2.0) (== netstandard2.0)
      System.Runtime (>= 4.3) - restriction: || (&& (== net461) (>= dnxcore50)) (&& (== net461) (< net45)) (== netcoreapp2.0) (== netstandard2.0)
      System.Runtime.Extensions (>= 4.3) - restriction: || (&& (== net461) (>= dnxcore50)) (&& (== net461) (< net45)) (== netcoreapp2.0) (== netstandard2.0)
      System.Threading (>= 4.3) - restriction: || (&& (== net461) (>= dnxcore50)) (&& (== net461) (< net45)) (== netcoreapp2.0) (== netstandard2.0)
      System.Threading.Tasks (>= 4.3) - restriction: || (&& (== net461) (>= dnxcore50)) (&& (== net461) (< net45)) (== netcoreapp2.0) (== netstandard2.0)
    System.Threading.Thread (4.3) - restriction: || (&& (== net461) (< net45)) (== netcoreapp2.0) (== netstandard2.0)
      System.Runtime (>= 4.3) - restriction: || (&& (== net461) (< net46)) (== netcoreapp2.0) (== netstandard2.0)
    System.Threading.ThreadPool (4.3) - restriction: || (&& (== net461) (< net45)) (== netcoreapp2.0) (== netstandard2.0)
      System.Runtime (>= 4.3) - restriction: || (&& (== net461) (< net46)) (== netcoreapp2.0) (== netstandard2.0)
      System.Runtime.Handles (>= 4.3) - restriction: || (&& (== net461) (< net46)) (== netcoreapp2.0) (== netstandard2.0)
    System.Threading.Timer (4.3) - restriction: || (&& (== net461) (< net20) (>= netstandard1.6)) (== netcoreapp2.0) (== netstandard2.0)
      Microsoft.NETCore.Platforms (>= 1.1) - restriction: || (&& (== net461) (>= dnxcore50)) (&& (== net461) (< net451)) (== netcoreapp2.0) (== netstandard2.0)
      Microsoft.NETCore.Targets (>= 1.1) - restriction: || (&& (== net461) (>= dnxcore50)) (&& (== net461) (< net451)) (== netcoreapp2.0) (== netstandard2.0)
      System.Runtime (>= 4.3) - restriction: || (&& (== net461) (>= dnxcore50)) (&& (== net461) (< net451)) (== netcoreapp2.0) (== netstandard2.0)

GROUP Build
CONTENT: NONE
RESTRICTION: == net461
NUGET
  remote: https://api.nuget.org/v3/index.json
    FAKE (4.63.2) - content: none
    Mono.Cecil (0.10) - content: none
    SourceLink.Fake (1.1) - content: none
GITHUB
  remote: aardvark-platform/aardvark.fake
    FULLPROJECT (bfae10520868567c41bfa9196a7ac7ef79bb50f6)
      FAKE (>= 4.63 < 4.64)
      Mono.Cecil (>= 0.10.0-beta6 < 0.11)
      SourceLink.Fake (>= 1.1 < 1.2)