RESTRICTION: == net461
NUGET
  remote: https://api.nuget.org/v3/index.json
    DevILSharp (0.1.2)
      FSharp.Core (>= 4.0 < 4.1)
    FsCheck (2.7.2)
      FSharp.Core (>= 3.1.2.5)
    FsCheck.NUnit (2.7.2)
      FsCheck (>= 2.7.2)
      NUnit (>= 3.6 < 4.0)
    FSharp.Core (4.0.0.1)
    FsUnit (2.4.0-alpha-2)
    Microsoft.NETCore.Platforms (2.0)
    NETStandard.Library (2.0)
      Microsoft.NETCore.Platforms (>= 1.1)
    NUnit (3.6.1)
    System.Collections.Immutable (1.4)
      NETStandard.Library (>= 1.6.1)
    System.Reactive.Core (3.0)
      System.Reactive.Interfaces (>= 3.0)
    System.Reactive.Interfaces (3.0)
    System.Reactive.Linq (3.0)
      System.Reactive.Core (>= 3.0)
      System.Reactive.Interfaces (>= 3.0)
  remote: https://vrvis.myget.org/F/aardvark_public/api/v3/index.json
    Unofficial.LibTessDotNet (1.0.2)

GROUP Build
CONTENT: NONE
RESTRICTION: == net461
NUGET
  remote: https://api.nuget.org/v3/index.json
    FAKE (4.63) - content: none
    Mono.Cecil (0.10.0-beta6) - content: none
    SourceLink.Fake (1.1) - content: none
GITHUB
  remote: aardvark-platform/aardvark.fake
    FULLPROJECT (9b337575e1ec13a611f4416d1df485f382f8c631)
      FAKE (>= 4.63 < 4.64)
      Mono.Cecil (>= 0.10.0-beta6 < 0.11)
      SourceLink.Fake (>= 1.1 < 1.2)