RESTRICTION: == net45
NUGET
  remote: https://api.nuget.org/v3/index.json
    DevILSharp (0.0.13)
    FsCheck (2.7.2)
      FSharp.Core (>= 3.1.2.5)
    FsCheck.Nunit (2.7.2)
      FsCheck (>= 2.7.2)
      NUnit (>= 3.6 < 4.0)
    FSharp.Core (4.1.17)
      System.ValueTuple (>= 4.3)
    FsUnit (2.4.0-alpha-2)
    NUnit (3.6.1)
    System.Collections.Immutable (1.3.1)
    System.Reactive.Core (3.0)
      System.Reactive.Interfaces (>= 3.0)
    System.Reactive.Interfaces (3.0)
    System.Reactive.Linq (3.0)
      System.Reactive.Core (>= 3.0)
      System.Reactive.Interfaces (>= 3.0)
    System.ValueTuple (4.3.1)
  remote: https://vrvis.myget.org/F/aardvark_public
    Unofficial.LibTessDotNet (1.0.2)

GROUP Build
CONTENT: NONE
RESTRICTION: == net45
NUGET
  remote: https://api.nuget.org/v3/index.json
    FAKE (4.63) - content: none
    Mono.Cecil (0.10.0-beta6) - content: none
    SourceLink.Fake (1.1) - content: none
GITHUB
  remote: vrvis/Aardvark.Fake
    FULLPROJECT (c4f9d04cc0c00c2f2081296ce30195ae997148f5)
      FAKE (>= 4.63 < 4.64)
      Mono.Cecil (>= 0.10.0-beta6 < 0.11)
      SourceLink.Fake (>= 1.1 < 1.2)